GEM
  remote: http://rubygems.org/
  specs:
    ZenTest (4.5.0)
    actionmailer (3.1.3)
      actionpack (= 3.1.3)
      mail (~> 2.3.0)
    actionpack (3.1.3)
      activemodel (= 3.1.3)
      activesupport (= 3.1.3)
      builder (~> 3.0.0)
      erubis (~> 2.7.0)
      i18n (~> 0.6)
      rack (~> 1.3.5)
      rack-cache (~> 1.1)
      rack-mount (~> 0.8.2)
      rack-test (~> 0.6.1)
      sprockets (~> 2.0.3)
    activemodel (3.1.3)
      activesupport (= 3.1.3)
      builder (~> 3.0.0)
      i18n (~> 0.6)
    activerecord (3.1.3)
      activemodel (= 3.1.3)
      activesupport (= 3.1.3)
      arel (~> 2.2.1)
      tzinfo (~> 0.3.29)
    activeresource (3.1.3)
      activemodel (= 3.1.3)
      activesupport (= 3.1.3)
    activesupport (3.1.3)
      multi_json (~> 1.0)
    addressable (2.2.7)
    ansi (1.4.1)
    archive-tar-minitar (0.5.2)
    arel (2.2.1)
    attr_required (0.0.5)
    autotest (4.4.6)
      ZenTest (>= 4.4.1)
    autotest-rails (4.1.1)
      ZenTest (= 4.5)
    bcrypt-ruby (3.0.1)
    builder (3.0.0)
    capybara (1.0.1)
      mime-types (>= 1.16)
      nokogiri (>= 1.3.3)
      rack (>= 1.0.0)
      rack-test (>= 0.5.4)
      selenium-webdriver (~> 2.0)
      xpath (~> 0.1.4)
    childprocess (0.3.0)
      ffi (~> 1.0.6)
    color (1.4.1)
    columnize (0.3.6)
    cucumber (1.0.6)
      builder (>= 2.1.2)
      diff-lcs (>= 1.1.2)
      gherkin (~> 2.4.18)
      json (>= 1.4.6)
      term-ansicolor (>= 1.0.6)
    cucumber-rails (1.0.2)
      capybara (>= 1.0.0)
      cucumber (~> 1.0.0)
      nokogiri (>= 1.4.6)
    daemons (1.1.8)
    database_cleaner (0.6.7)
    devise (1.5.3)
      bcrypt-ruby (~> 3.0)
      orm_adapter (~> 0.0.3)
      warden (~> 1.1)
    diff-lcs (1.1.3)
    erubis (2.7.0)
    eventmachine (0.12.10)
    execjs (1.3.0)
      multi_json (~> 1.0)
    factory_girl (2.3.2)
      activesupport
    faraday (0.7.6)
      addressable (~> 2.2)
      multipart-post (~> 1.1)
      rack (~> 1.1)
    fastercsv (1.5.4)
    fb_graph (2.4.4)
      httpclient (>= 2.2.0.2)
      rack-oauth2 (>= 0.14.4)
      tzinfo
    ffi (1.0.11)
    foreman (0.40.0)
      term-ansicolor (~> 1.0.7)
      thor (>= 0.13.6)
    gherkin (2.4.21)
      json (>= 1.4.6)
    git (1.2.5)
    haml (3.1.4)
    haml-rails (0.3.4)
      actionpack (~> 3.0)
      activesupport (~> 3.0)
      haml (~> 3.0)
      railties (~> 3.0)
    hashie (1.2.0)
    heroku (2.21.2)
      launchy (>= 0.3.2)
      rest-client (~> 1.6.1)
      rubyzip
      term-ansicolor (~> 1.0.5)
    hike (1.2.1)
    hoe (2.8.0)
      rake (>= 0.8.7)
    httparty (0.8.1)
      multi_json
      multi_xml
    httpclient (2.2.4)
    i18n (0.6.0)
    jeweler (1.8.3)
      bundler (~> 1.0)
      git (>= 1.2.5)
      rake
      rdoc
    jquery-rails (1.0.19)
      railties (~> 3.0)
      thor (~> 0.14)
    json (1.6.5)
    launchy (2.0.5)
      addressable (~> 2.2.6)
    libv8 (3.3.10.4)
    linecache19 (0.5.12)
      ruby_core_source (>= 0.1.4)
    mail (2.3.0)
      i18n (>= 0.4.0)
      mime-types (~> 1.16)
      treetop (~> 1.4.8)
    mime-types (1.17.2)
    multi_json (1.0.4)
    multi_xml (0.4.1)
    multipart-post (1.1.5)
    nokogiri (1.5.0)
    oauth (0.4.5)
    oauth2 (0.5.2)
      faraday (~> 0.7)
      multi_json (~> 1.0)
    omniauth (1.0.3)
      hashie (~> 1.2)
      rack
    omniauth-facebook (1.2.0)
      omniauth-oauth2 (~> 1.0.0)
    omniauth-google (1.0.1)
      multi_json
      omniauth (~> 1.0.0)
      omniauth-oauth
    omniauth-oauth (1.0.1)
      oauth
      omniauth (~> 1.0)
    omniauth-oauth2 (1.0.0)
      oauth2 (~> 0.5.0)
      omniauth (~> 1.0)
    omniauth-twitter (0.0.8)
      omniauth-oauth (~> 1.0)
    orm_adapter (0.0.6)
    pdf-writer (1.1.8)
      color (>= 1.4.0)
      transaction-simple (~> 1.3)
    pg (0.13.2)
    polyglot (0.3.3)
    rack (1.3.5)
    rack-cache (1.1)
      rack (>= 0.4)
    rack-mount (0.8.3)
      rack (>= 1.0.0)
    rack-oauth2 (0.14.4)
      activesupport (>= 2.3)
      attr_required (>= 0.0.5)
      httpclient (>= 2.2.0.2)
      i18n
      json (>= 1.4.3)
      rack (>= 1.1)
    rack-protection (1.2.0)
      rack
    rack-ssl (1.3.2)
      rack
    rack-test (0.6.1)
      rack (>= 1.0)
    rails (3.1.3)
      actionmailer (= 3.1.3)
      actionpack (= 3.1.3)
      activerecord (= 3.1.3)
      activeresource (= 3.1.3)
      activesupport (= 3.1.3)
      bundler (~> 1.0)
      railties (= 3.1.3)
    railties (3.1.3)
      actionpack (= 3.1.3)
      activesupport (= 3.1.3)
      rack-ssl (~> 1.3.2)
      rake (>= 0.8.7)
      rdoc (~> 3.4)
      thor (~> 0.14.6)
    rake (0.9.2.2)
    rdoc (3.12)
      json (~> 1.4)
    redis (2.2.2)
    redis-namespace (1.0.3)
      redis (< 3.0.0)
    resque (1.20.0)
      multi_json (~> 1.0)
      redis-namespace (~> 1.0.2)
      sinatra (>= 0.9.2)
      vegas (~> 0.1.2)
    resque-scheduler (1.9.9)
      redis (>= 2.0.1)
      resque (>= 1.8.0)
      rufus-scheduler
    rest-client (1.6.7)
      mime-types (>= 1.16)
    rspec (2.8.0)
      rspec-core (~> 2.8.0)
      rspec-expectations (~> 2.8.0)
      rspec-mocks (~> 2.8.0)
    rspec-core (2.8.0)
    rspec-expectations (2.8.0)
      diff-lcs (~> 1.1.2)
    rspec-mocks (2.8.0)
    rspec-rails (2.8.1)
      actionpack (>= 3.0)
      activesupport (>= 3.0)
      railties (>= 3.0)
      rspec (~> 2.8.0)
    ruby-debug-base19 (0.11.25)
      columnize (>= 0.3.1)
      linecache19 (>= 0.5.11)
      ruby_core_source (>= 0.1.4)
    ruby-debug19 (0.11.6)
      columnize (>= 0.3.1)
      linecache19 (>= 0.5.11)
      ruby-debug-base19 (>= 0.11.19)
    ruby_core_source (0.1.5)
      archive-tar-minitar (>= 0.5.2)
    rubyzip (0.9.5)
    rufus-scheduler (2.0.16)
      tzinfo (>= 0.3.23)
    ruport (1.6.3)
      fastercsv
      pdf-writer (= 1.1.8)
    sass (3.1.12)
    sass-rails (3.1.5)
      actionpack (~> 3.1.0)
      railties (~> 3.1.0)
      sass (~> 3.1.10)
      tilt (~> 1.3.2)
    selenium-webdriver (2.17.0)
      childprocess (>= 0.2.5)
      ffi (~> 1.0.9)
      multi_json (~> 1.0.4)
      rubyzip
    shoulda (3.0.0.beta2)
      shoulda-context (~> 1.0.0.beta1)
      shoulda-matchers (~> 1.0.0.beta1)
    shoulda-context (1.0.0)
    shoulda-matchers (1.0.0)
    simple_oauth (0.1.5)
    sinatra (1.3.1)
      rack (~> 1.3, >= 1.3.4)
      rack-protection (~> 1.1, >= 1.1.2)
      tilt (~> 1.3, >= 1.3.3)
    spork (0.9.0)
    sprockets (2.0.3)
      hike (~> 1.2)
      rack (~> 1.0)
      tilt (~> 1.1, != 1.3.0)
    term-ansicolor (1.0.7)
    therubyracer (0.9.9)
      libv8 (~> 3.3.10)
    thin (1.3.1)
      daemons (>= 1.0.9)
      eventmachine (>= 0.12.6)
      rack (>= 1.0.0)
    thor (0.14.6)
    tilt (1.3.3)
    transaction-simple (1.4.0)
      hoe (>= 1.1.7)
    treetop (1.4.10)
      polyglot
      polyglot (>= 0.3.1)
    turn (0.8.3)
      ansi
    twitter (2.1.1)
      activesupport (>= 2.3.9, < 4)
      faraday (~> 0.7)
      multi_json (~> 1.0)
      simple_oauth (~> 0.1)
    tzinfo (0.3.31)
    uglifier (1.2.2)
      execjs (>= 0.3.0)
      multi_json (>= 1.0.2)
    vegas (0.1.11)
      rack (>= 1.0.0)
    warden (1.1.0)
      rack (>= 1.0)
    will_paginate (3.0.3)
    xpath (0.1.4)
      nokogiri (~> 1.3)
    youtube_it (2.1.4)
      builder
      faraday (~> 0.7.3)
      jeweler (~> 1.8.3)
      oauth (~> 0.4.4)
      oauth2 (~> 0.5.2)
      simple_oauth (~> 0.1.5)

PLATFORMS
  ruby

DEPENDENCIES
  autotest (~> 4.4.6)
  autotest-rails (~> 4.1.1)
  capybara (~> 1.0.1)
  cucumber-rails (~> 1.0.2)
  database_cleaner (~> 0.6.7)
  devise (~> 1.5.3)
  factory_girl (~> 2.3.2)
  fb_graph (~> 2.4.4)
  foreman (~> 0.40.0)
  haml-rails
  heroku (~> 2.21.2)
  hoe (~> 2.8.0)
  httparty (~> 0.8.1)
  jquery-rails
  launchy (~> 2.0.5)
  nokogiri (~> 1.5.0)
  omniauth (~> 1.0.2)
  omniauth-facebook (~> 1.2.0)
  omniauth-google (~> 1.0.1)
  omniauth-twitter (~> 0.0.7)
  pg
  rack (= 1.3.5)
  rails (~> 3.1.1)
  rake (~> 0.9.2.2)
  resque (~> 1.20.0)
  resque-scheduler (~> 1.9.9)
  rspec-rails (~> 2.8.0)
  ruby-debug19
  ruport (~> 1.6.3)
  sass
  sass-rails (~> 3.1.0)
  shoulda (~> 3.0.0.beta)
  spork (~> 0.9.0.rc8)
  therubyracer
  thin
  turn
  twitter (~> 2.1.1)
  uglifier
  will_paginate (~> 3.0.3)
  youtube_it (~> 2.1.4)
